GEM
  remote: https://rubygems.org/
  specs:
    byebug (11.0.1)
    dotenv (2.7.2)
    minitest (5.11.3)
    mustermann (1.0.3)
    rack (2.0.6)
    rack-protection (2.0.5)
      rack
    rack-test (1.1.0)
      rack (>= 1.0, < 3)
    rake (12.3.2)
    shotgun (0.9.2)
      rack (>= 1.0)
    sinatra (2.0.5)
      mustermann (~> 1.0)
      rack (~> 2.0)
      rack-protection (= 2.0.5)
      tilt (~> 2.0)
    tilt (2.0.9)

PLATFORMS
  ruby

DEPENDENCIES
  byebug
  dotenv
  minitest
  rack-test
  rake
  shotgun
  sinatra

BUNDLED WITH
   2.0.1
